GIT
  remote: https://github.com/gnapse/anemone.git
  revision: 4eacc0d76c4fd32cc711c0329078422aedfe16d4
  branch: next
  specs:
    anemone (0.7.2)
      nokogiri (>= 1.3.0)
      robotex (>= 1.0.0)

GEM
  remote: https://rubygems.org/
  specs:
    daemon_controller (1.1.4)
    mini_portile (0.5.0)
    nokogiri (1.6.0)
      mini_portile (~> 0.5.0)
    passenger (4.0.7)
      daemon_controller (>= 1.1.0)
      rack
      rake (>= 0.8.1)
    rack (1.4.1)
    rack-protection (1.2.0)
      rack
    rake (10.1.0)
    robotex (1.0.0)
    shotgun (0.9)
      rack (>= 1.0)
    sinatra (1.3.3)
      rack (~> 1.3, >= 1.3.6)
      rack-protection (~> 1.2)
      tilt (~> 1.3, >= 1.3.3)
    tilt (1.3.3)

PLATFORMS
  ruby

DEPENDENCIES
  anemone!
  nokogiri
  passenger
  shotgun
  sinatra
